GEM
  remote: https://rubygems.org/
  specs:
    actionview (5.1.1)
      activesupport (= 5.1.1)
      builder (~> 3.1)
      erubi (~> 1.4)
      rails-dom-testing (~> 2.0)
      rails-html-sanitizer (~> 1.0, >= 1.0.3)
    activemodel (5.1.1)
      activesupport (= 5.1.1)
    activesupport (5.1.1)
      concurrent-ruby (~> 1.0, >= 1.0.2)
      i18n (~> 0.7)
      minitest (~> 5.1)
      tzinfo (~> 1.1)
    backports (3.8.0)
    bson (4.2.1)
    builder (3.2.3)
    concurrent-ruby (1.0.5)
    erubi (1.6.0)
    erubis (2.7.0)
    faraday (0.12.1)
      multipart-post (>= 1.2, < 3)
    faraday_middleware (0.11.0.1)
      faraday (>= 0.7.4, < 1.0)
    gli (2.16.0)
    hashie (3.5.5)
    i18n (0.8.1)
    inflection (1.0.0)
    json (2.1.0)
    jwt (1.5.6)
    kaminari-core (1.0.1)
    kaminari-mongoid (1.0.1)
      kaminari-core (~> 1.0)
      mongoid
    kaminari-sinatra (1.0.1)
      actionview
      kaminari-core (~> 1.0)
      padrino-helpers
      sinatra
    loofah (2.0.3)
      nokogiri (>= 1.5.9)
    mail (2.6.5)
      mime-types (>= 1.16, < 4)
    mime-types (3.1)
      mime-types-data (~> 3.2015)
    mime-types-data (3.2016.0521)
    mini_portile2 (2.1.0)
    minitest (5.10.2)
    mongo (2.4.1)
      bson (>= 4.2.1, < 5.0.0)
    mongoid (6.1.0)
      activemodel (~> 5.0)
      mongo (>= 2.4.1, < 3.0.0)
    multi_json (1.12.1)
    multipart-post (2.0.0)
    mustermann (1.0.0)
    nokogiri (1.7.2)
      mini_portile2 (~> 2.1.0)
    padrino-helpers (0.14.1.1)
      i18n (~> 0.6, >= 0.6.7)
      padrino-support (= 0.14.1.1)
      tilt (>= 1.4.1, < 3)
    padrino-support (0.14.1.1)
    pony (1.11)
      mail (>= 2.0)
    puma (3.8.2)
    rack (2.0.3)
    rack-flash3 (1.0.5)
      rack
    rack-protection (2.0.0)
      rack
    rails-dom-testing (2.0.3)
      activesupport (>= 4.2.0)
      nokogiri (>= 1.6)
    rails-html-sanitizer (1.0.3)
      loofah (~> 2.0)
    rake (12.0.0)
    shotgun (0.9.2)
      rack (>= 1.0)
    sinatra (2.0.0)
      mustermann (~> 1.0)
      rack (~> 2.0)
      rack-protection (= 2.0.0)
      tilt (~> 2.0)
    sinatra-contrib (2.0.0)
      backports (>= 2.0)
      multi_json
      mustermann (~> 1.0)
      rack-protection (= 2.0.0)
      sinatra (= 2.0.0)
      tilt (>= 1.3, < 3)
    slack-ruby-client (0.8.1)
      activesupport
      faraday (>= 0.9)
      faraday_middleware
      gli
      hashie
      json
      websocket-driver
    thor (0.19.4)
    thread_safe (0.3.6)
    tilt (2.0.7)
    twilio-ruby (4.13.0)
      builder (>= 2.1.2)
      jwt (~> 1.0)
      multi_json (>= 1.3.0)
    tzinfo (1.2.3)
      thread_safe (~> 0.1)
    websocket-driver (0.6.5)
      websocket-extensions (>= 0.1.0)
    websocket-extensions (0.1.2)
    zendesk_api (1.14.4)
      faraday (~> 0.9)
      hashie (>= 3.5.2, < 4.0.0)
      inflection
      mime-types
      multipart-post (~> 2.0)

PLATFORMS
  ruby

DEPENDENCIES
  erubis (~> 2.7.0)
  kaminari-mongoid
  kaminari-sinatra
  mongoid (~> 6.1)
  pony
  puma
  rack-flash3
  rake
  shotgun
  sinatra (~> 2.0)
  sinatra-contrib (~> 2.0)
  slack-ruby-client
  thor
  twilio-ruby (~> 4.13)
  zendesk_api

BUNDLED WITH
   1.13.7
