GEM
  remote: https://rubygems.org/
  specs:
    actionview (5.2.4.4)
      activesupport (= 5.2.4.4)
      builder (~> 3.1)
      erubi (~> 1.4)
      rails-dom-testing (~> 2.0)
      rails-html-sanitizer (~> 1.0, >= 1.0.3)
    activemodel (5.2.4.4)
      activesupport (= 5.2.4.4)
    activesupport (5.2.4.4)
      concurrent-ruby (~> 1.0, >= 1.0.2)
      i18n (>= 0.7, < 2)
      minitest (~> 5.1)
      tzinfo (~> 1.1)
    bson (4.11.1)
    builder (3.2.4)
    chartkick (3.4.2)
    concurrent-ruby (1.1.7)
    crass (1.0.6)
    erubi (1.10.0)
    erubis (2.7.0)
    faraday (0.17.3)
      multipart-post (>= 1.2, < 3)
    faraday_middleware (0.14.0)
      faraday (>= 0.7.4, < 1.0)
    gli (2.19.2)
    hashie (4.1.0)
    i18n (1.8.7)
      concurrent-ruby (~> 1.0)
    inflection (1.0.0)
    jwt (2.2.2)
    kaminari-core (1.2.1)
    kaminari-mongoid (1.0.1)
      kaminari-core (~> 1.0)
      mongoid
    kaminari-sinatra (1.0.1)
      actionview
      kaminari-core (~> 1.0)
      padrino-helpers
      sinatra
    loofah (2.19.1)
      crass (~> 1.0.2)
      nokogiri (>= 1.5.9)
    mail (2.7.1)
      mini_mime (>= 0.1.1)
    mime-types (3.3.1)
      mime-types-data (~> 3.2015)
    mime-types-data (3.2020.1104)
    mini_mime (1.0.2)
    mini_portile2 (2.8.0)
    minitest (5.11.3)
    mongo (2.14.0)
      bson (>= 4.8.2, < 5.0.0)
    mongoid (6.4.8)
      activemodel (>= 5.1, < 6.0.0)
      mongo (>= 2.5.1, < 3.0.0)
    multi_json (1.15.0)
    multipart-post (2.1.1)
    mustermann (1.1.1)
      ruby2_keywords (~> 0.0.1)
    nio4r (2.5.7)
    nokogiri (1.13.10)
      mini_portile2 (~> 2.8.0)
      racc (~> 1.4)
    padrino-helpers (0.15.0)
      i18n (>= 0.6.7, < 2)
      padrino-support (= 0.15.0)
      tilt (>= 1.4.1, < 3)
    padrino-support (0.15.0)
    phonelib (0.6.47)
    puma (5.3.1)
      nio4r (~> 2.0)
    racc (1.6.1)
    rack (2.2.3)
    rack-flash3 (1.0.5)
      rack
    rack-protection (2.1.0)
      rack
    rack-test (1.0.0)
      rack (>= 1.0, < 3)
    rails-dom-testing (2.0.3)
      activesupport (>= 4.2.0)
      nokogiri (>= 1.6)
    rails-html-sanitizer (1.4.4)
      loofah (~> 2.19, >= 2.19.1)
    rake (13.0.3)
    ruby2_keywords (0.0.2)
    sinatra (2.1.0)
      mustermann (~> 1.0)
      rack (~> 2.2)
      rack-protection (= 2.1.0)
      tilt (~> 2.0)
    sinatra-contrib (2.1.0)
      multi_json
      mustermann (~> 1.0)
      rack-protection (= 2.1.0)
      sinatra (= 2.1.0)
      tilt (~> 2.0)
    slack-ruby-client (0.14.6)
      activesupport
      faraday (>= 0.9)
      faraday_middleware
      gli
      hashie
      websocket-driver
    thor (1.0.1)
    thread_safe (0.3.6)
    tilt (2.0.10)
    twilio-ruby (5.7.2)
      faraday (~> 0.9)
      jwt (>= 1.5, <= 2.5)
      nokogiri (>= 1.6, < 2.0)
    tzinfo (1.2.9)
      thread_safe (~> 0.1)
    websocket-driver (0.7.3)
      websocket-extensions (>= 0.1.0)
    websocket-extensions (0.1.5)
    zendesk_api (1.28.0)
      faraday (>= 0.9.0, < 2.0.0)
      hashie (>= 3.5.2, < 5.0.0)
      inflection
      mime-types
      multipart-post (~> 2.0)

PLATFORMS
  ruby

DEPENDENCIES
  chartkick
  erubis (~> 2.7.0)
  kaminari-mongoid
  kaminari-sinatra
  mail (~> 2.7)
  minitest (~> 5.11.1)
  mongoid (~> 6.4)
  padrino-helpers (>= 0.10.3)
  phonelib
  puma
  rack-flash3
  rack-test (~> 1.0.0)
  rake
  sinatra (~> 2.0)
  sinatra-contrib (~> 2.0)
  slack-ruby-client
  thor
  twilio-ruby (~> 5.7.0)
  zendesk_api

BUNDLED WITH
   2.2.4
